GEM
  remote: https://rubygems.org/
  specs:
    concurrent-ruby (0.7.0)
    netrc (0.7.7)

PLATFORMS
  ruby

DEPENDENCIES
  concurrent-ruby
  netrc
